GIT
  remote: https://github.com/sashaweiss/releasinator
  revision: 6baafd8c28a0fb456a0b64c0cd68aa7e68d34b55
  specs:
    releasinator (0.6.4)
      colorize (~> 0.7)
      configatron (~> 4.5)
      json (~> 1.8)
      octokit (~> 4.0)
      semantic (~> 1.4)
      vandamme (~> 0.0.11)

GEM
  remote: https://rubygems.org/
  specs:
    addressable (2.5.1)
      public_suffix (~> 2.0, >= 2.0.2)
    colorize (0.8.1)
    commonmarker (0.14.15)
      ruby-enum (~> 0.5)
    configatron (4.5.1)
    faraday (0.13.1)
      multipart-post (>= 1.2, < 3)
    github-markup (1.6.1)
    i18n (0.8.6)
    json (1.8.6)
    multipart-post (2.0.0)
    octokit (4.7.0)
      sawyer (~> 0.8.0, >= 0.5.3)
    public_suffix (2.0.5)
    rake (12.0.0)
    ruby-enum (0.7.1)
      i18n
    sawyer (0.8.1)
      addressable (>= 2.3.5, < 2.6)
      faraday (~> 0.8, < 1.0)
    semantic (1.6.0)
    vandamme (0.0.12)
      commonmarker (~> 0.14.14)
      github-markup (~> 1.3)

PLATFORMS
  ruby

DEPENDENCIES
  rake
  releasinator!

RUBY VERSION
   ruby 2.4.0p0

BUNDLED WITH
   1.15.4
